GEM
  remote: http://rubygems.org/
  specs:
    rr (1.0.4)
    test-unit (2.5.1)

PLATFORMS
  ruby

DEPENDENCIES
  rr
  test-unit
